GEM
  remote: https://rubygems.org/
  specs:
    activemodel (7.1.5)
      activesupport (= 7.1.5)
    activerecord (7.1.5)
      activemodel (= 7.1.5)
      activesupport (= 7.1.5)
      timeout (>= 0.4.0)
    activesupport (7.1.5)
      base64
      benchmark (>= 0.3)
      bigdecimal
      concurrent-ruby (~> 1.0, >= 1.0.2)
      connection_pool (>= 2.2.5)
      drb
      i18n (>= 1.6, < 2)
      logger (>= 1.4.2)
      minitest (>= 5.1)
      mutex_m
      securerandom (>= 0.3)
      tzinfo (~> 2.0)
    base64 (0.2.0)
    benchmark (0.4.0)
    bigdecimal (3.1.8)
    concurrent-ruby (1.3.4)
    connection_pool (2.4.1)
    drb (2.2.1)
    ethon (0.16.0)
      ffi (>= 1.15.0)
    ffi (1.17.0)
    ffi (1.17.0-x86_64-linux-gnu)
    filecache (1.0.3)
    i18n (1.14.6)
      concurrent-ruby (~> 1.0)
    logger (1.6.1)
    mini_portile2 (2.8.7)
    minitest (5.25.1)
    mustermann (3.0.3)
      ruby2_keywords (~> 0.0.1)
    mutex_m (0.2.0)
    nokogiri (1.16.7)
      mini_portile2 (~> 2.8.2)
      racc (~> 1.4)
    nokogiri (1.16.7-x86_64-linux)
      racc (~> 1.4)
    pg (1.5.9)
    racc (1.8.1)
    rack (3.1.8)
    rack-protection (4.0.0)
      base64 (>= 0.1.0)
      rack (>= 3.0.0, < 4)
    rack-session (2.0.0)
      rack (>= 3.0.0)
    rackup (2.2.0)
      rack (>= 3)
    ruby2_keywords (0.0.5)
    securerandom (0.3.1)
    sinatra (4.0.0)
      mustermann (~> 3.0)
      rack (>= 3.0.0, < 4)
      rack-protection (= 4.0.0)
      rack-session (>= 2.0.0, < 3)
      tilt (~> 2.0)
    sinatra-activerecord (2.0.27)
      activerecord (>= 4.1)
      sinatra (>= 1.0)
    tilt (2.4.0)
    timeout (0.4.2)
    typhoeus (1.4.1)
      ethon (>= 0.9.0)
    tzinfo (2.0.6)
      concurrent-ruby (~> 1.0)

PLATFORMS
  ruby
  x86_64-linux

DEPENDENCIES
  filecache
  nokogiri
  pg
  rackup
  sinatra
  sinatra-activerecord
  typhoeus

BUNDLED WITH
   2.5.22
