GEM
  remote: https://rubygems.org/
  specs:
    ast (2.4.0)
    bundler-audit (0.6.1)
      bundler (>= 1.2.0, < 3)
      thor (~> 0.18)
    ethon (0.12.0)
      ffi (>= 1.3.0)
    ffi (1.11.3)
    mini_portile2 (2.4.0)
    nokogiri (1.10.10)
      mini_portile2 (~> 2.4.0)
    parallel (1.19.1)
    parser (2.7.0.1)
      ast (~> 2.4.0)
    power_assert (1.1.5)
    powerpack (0.1.2)
    rainbow (3.0.0)
    rubocop (0.56.0)
      parallel (~> 1.10)
      parser (>= 2.5)
      powerpack (~> 0.1)
      rainbow (>= 2.2.2, < 4.0)
      ruby-progressbar (~> 1.7)
      unicode-display_width (~> 1.0, >= 1.0.1)
    ruby-progressbar (1.10.1)
    test-unit (3.3.4)
      power_assert
    thor (0.20.3)
    typhoeus (1.3.1)
      ethon (>= 0.9.0)
    unicode-display_width (1.6.0)

PLATFORMS
  ruby

DEPENDENCIES
  bundler-audit
  nokogiri
  rubocop (~> 0.56.0)
  test-unit
  typhoeus

BUNDLED WITH
   1.16.2
